GEM
  remote: https://rubygems.org/
  specs:
    actioncable (5.2.6)
      actionpack (= 5.2.6)
      nio4r (~> 2.0)
      websocket-driver (>= 0.6.1)
    actionmailer (5.2.6)
      actionpack (= 5.2.6)
      actionview (= 5.2.6)
      activejob (= 5.2.6)
      mail (~> 2.5, >= 2.5.4)
      rails-dom-testing (~> 2.0)
    actionpack (5.2.6)
      actionview (= 5.2.6)
      activesupport (= 5.2.6)
      rack (~> 2.0, >= 2.0.8)
      rack-test (>= 0.6.3)
      rails-dom-testing (~> 2.0)
      rails-html-sanitizer (~> 1.0, >= 1.0.2)
    actionview (5.2.6)
      activesupport (= 5.2.6)
      builder (~> 3.1)
      erubi (~> 1.4)
      rails-dom-testing (~> 2.0)
      rails-html-sanitizer (~> 1.0, >= 1.0.3)
    activejob (5.2.6)
      activesupport (= 5.2.6)
      globalid (>= 0.3.6)
    activemodel (5.2.6)
      activesupport (= 5.2.6)
    activerecord (5.2.6)
      activemodel (= 5.2.6)
      activesupport (= 5.2.6)
      arel (>= 9.0)
    activestorage (5.2.6)
      actionpack (= 5.2.6)
      activerecord (= 5.2.6)
      marcel (~> 1.0.0)
    activesupport (5.2.6)
      concurrent-ruby (~> 1.0, >= 1.0.2)
      i18n (>= 0.7, < 2)
      minitest (~> 5.1)
      tzinfo (~> 1.1)
    addressable (2.8.0)
      public_suffix (>= 2.0.2, < 5.0)
    arel (9.0.0)
    bcrypt (3.1.16)
    bootsnap (1.9.1)
      msgpack (~> 1.0)
    builder (3.2.4)
    byebug (11.1.3)
    capybara (3.36.0)
      addressable
      matrix
      mini_mime (>= 0.1.3)
      nokogiri (~> 1.8)
      rack (>= 1.6.0)
      rack-test (>= 0.6.3)
      regexp_parser (>= 1.5, < 3.0)
      xpath (~> 3.2)
    coderay (1.1.3)
    coffee-rails (5.0.0)
      coffee-script (>= 2.2.0)
      railties (>= 5.2.0)
    coffee-script (2.4.1)
      coffee-script-source
      execjs
    coffee-script-source (1.12.2)
    concurrent-ruby (1.1.9)
    crack (0.4.5)
      rexml
    crass (1.0.6)
    data_uri (0.1.0)
    dotenv (2.7.6)
    dotenv-rails (2.7.6)
      dotenv (= 2.7.6)
      railties (>= 3.2)
    dragonfly (1.4.0)
      addressable (~> 2.3)
      multi_json (~> 1.0)
      rack (>= 1.3)
    dragonfly-s3_data_store (1.3.0)
      dragonfly (~> 1.0)
      fog-aws
    erubi (1.10.0)
    excon (0.88.0)
    execjs (2.8.1)
    eye-of-newt (0.0.15)
      activesupport (>= 5)
    factory_girl (4.9.0)
      activesupport (>= 3.0.0)
    factory_girl_rails (4.9.0)
      factory_girl (~> 4.9.0)
      railties (>= 3.0.0)
    faker (2.19.0)
      i18n (>= 1.6, < 2)
    faraday (1.8.0)
      faraday-em_http (~> 1.0)
      faraday-em_synchrony (~> 1.0)
      faraday-excon (~> 1.1)
      faraday-httpclient (~> 1.0.1)
      faraday-net_http (~> 1.0)
      faraday-net_http_persistent (~> 1.1)
      faraday-patron (~> 1.0)
      faraday-rack (~> 1.0)
      multipart-post (>= 1.2, < 3)
      ruby2_keywords (>= 0.0.4)
    faraday-em_http (1.0.0)
    faraday-em_synchrony (1.0.0)
    faraday-excon (1.1.0)
    faraday-httpclient (1.0.1)
    faraday-net_http (1.0.1)
    faraday-net_http_persistent (1.2.0)
    faraday-patron (1.0.0)
    faraday-rack (1.0.0)
    ffi (1.15.4)
    fog-aws (3.12.0)
      fog-core (~> 2.1)
      fog-json (~> 1.1)
      fog-xml (~> 0.1)
      ipaddress (~> 0.8)
    fog-core (2.2.4)
      builder
      excon (~> 0.71)
      formatador (~> 0.2)
      mime-types
    fog-json (1.2.0)
      fog-core
      multi_json (~> 1.10)
    fog-xml (0.1.4)
      fog-core
      nokogiri (>= 1.5.11, < 2.0.0)
    font-awesome-rails (4.7.0.7)
      railties (>= 3.2, < 7)
    foreman (0.87.2)
    formatador (0.3.0)
    globalid (0.5.2)
      activesupport (>= 5.0)
    hashdiff (1.0.1)
    hashie (4.1.0)
    i18n (1.8.11)
      concurrent-ruby (~> 1.0)
    interception (0.5)
    ipaddress (0.8.3)
    jquery-rails (4.4.0)
      rails-dom-testing (>= 1, < 3)
      railties (>= 4.2.0)
      thor (>= 0.14, < 2.0)
    jwt (2.3.0)
    kaminari (1.2.1)
      activesupport (>= 4.1.0)
      kaminari-actionview (= 1.2.1)
      kaminari-activerecord (= 1.2.1)
      kaminari-core (= 1.2.1)
    kaminari-actionview (1.2.1)
      actionview
      kaminari-core (= 1.2.1)
    kaminari-activerecord (1.2.1)
      activerecord
      kaminari-core (= 1.2.1)
    kaminari-core (1.2.1)
    listen (3.7.0)
      rb-fsevent (~> 0.10, >= 0.10.3)
      rb-inotify (~> 0.9, >= 0.9.10)
    loofah (2.12.0)
      crass (~> 1.0.2)
      nokogiri (>= 1.5.9)
    mail (2.7.1)
      mini_mime (>= 0.1.1)
    marcel (1.0.2)
    matrix (0.4.2)
    method_source (1.0.0)
    mime-types (3.3.1)
      mime-types-data (~> 3.2015)
    mime-types-data (3.2021.0901)
    mini_magick (4.11.0)
    mini_mime (1.1.2)
    minitest (5.14.4)
    mocha (1.13.0)
    msgpack (1.4.2)
    multi_json (1.15.0)
    multi_xml (0.6.0)
    multipart-post (2.1.1)
    nio4r (2.5.8)
    nokogiri (1.12.5-x86_64-darwin)
      racc (~> 1.4)
    nokogiri (1.12.5-x86_64-linux)
      racc (~> 1.4)
    oauth2 (1.4.7)
      faraday (>= 0.8, < 2.0)
      jwt (>= 1.0, < 3.0)
      multi_json (~> 1.3)
      multi_xml (~> 0.5)
      rack (>= 1.2, < 3)
    omniauth (2.0.4)
      hashie (>= 3.4.6)
      rack (>= 1.6.2, < 3)
      rack-protection
    omniauth-google-oauth2 (1.0.0)
      jwt (>= 2.0)
      oauth2 (~> 1.1)
      omniauth (~> 2.0)
      omniauth-oauth2 (~> 1.7.1)
    omniauth-oauth2 (1.7.2)
      oauth2 (~> 1.4)
      omniauth (>= 1.9, < 3)
    pg (1.2.3)
    pg_search (2.3.5)
      activerecord (>= 5.2)
      activesupport (>= 5.2)
    pry (0.14.1)
      coderay (~> 1.1)
      method_source (~> 1.0)
    pry-byebug (3.8.0)
      byebug (~> 11.0)
      pry (~> 0.10)
    pry-rescue (1.5.2)
      interception (>= 0.5)
      pry (>= 0.12.0)
    public_suffix (4.0.6)
    puma (5.5.2)
      nio4r (~> 2.0)
    racc (1.6.0)
    rack (2.2.3)
    rack-protection (2.1.0)
      rack
    rack-test (1.1.0)
      rack (>= 1.0, < 3)
    rails (5.2.6)
      actioncable (= 5.2.6)
      actionmailer (= 5.2.6)
      actionpack (= 5.2.6)
      actionview (= 5.2.6)
      activejob (= 5.2.6)
      activemodel (= 5.2.6)
      activerecord (= 5.2.6)
      activestorage (= 5.2.6)
      activesupport (= 5.2.6)
      bundler (>= 1.3.0)
      railties (= 5.2.6)
      sprockets-rails (>= 2.0.0)
    rails-controller-testing (1.0.5)
      actionpack (>= 5.0.1.rc1)
      actionview (>= 5.0.1.rc1)
      activesupport (>= 5.0.1.rc1)
    rails-dom-testing (2.0.3)
      activesupport (>= 4.2.0)
      nokogiri (>= 1.6)
    rails-html-sanitizer (1.4.2)
      loofah (~> 2.3)
    rails_12factor (0.0.3)
      rails_serve_static_assets
      rails_stdout_logging
    rails_serve_static_assets (0.0.5)
    rails_stdout_logging (0.0.5)
    railties (5.2.6)
      actionpack (= 5.2.6)
      activesupport (= 5.2.6)
      method_source
      rake (>= 0.8.7)
      thor (>= 0.19.0, < 2.0)
    rake (13.0.6)
    rb-fsevent (0.11.0)
    rb-inotify (0.10.1)
      ffi (~> 1.0)
    redcarpet (3.5.1)
    regexp_parser (2.1.1)
    rexml (3.2.5)
    ruby2_keywords (0.0.5)
    sprockets (4.0.2)
      concurrent-ruby (~> 1.0)
      rack (> 1, < 3)
    sprockets-rails (3.2.2)
      actionpack (>= 4.0)
      activesupport (>= 4.0)
      sprockets (>= 3.0.0)
    sqlite3 (1.4.2)
    thor (1.1.0)
    thread_safe (0.3.6)
    turbograft (0.4.8)
      coffee-rails
    twine-rails (2.0.0)
      coffee-rails
      railties
    tzinfo (1.2.9)
      thread_safe (~> 0.1)
    uglifier (4.2.0)
      execjs (>= 0.3.0, < 3)
    webmock (3.14.0)
      addressable (>= 2.8.0)
      crack (>= 0.3.2)
      hashdiff (>= 0.4.0, < 2.0.0)
    websocket-driver (0.7.5)
      websocket-extensions (>= 0.1.0)
    websocket-extensions (0.1.5)
    xpath (3.2.0)
      nokogiri (~> 1.8)

PLATFORMS
  x86_64-darwin-20
  x86_64-linux

DEPENDENCIES
  bcrypt
  bootsnap
  capybara
  coffee-rails
  data_uri
  dotenv-rails
  dragonfly
  dragonfly-s3_data_store
  eye-of-newt
  factory_girl_rails
  faker
  font-awesome-rails
  foreman
  jquery-rails
  kaminari
  listen
  mini_magick
  mocha
  nokogiri
  omniauth-google-oauth2
  pg
  pg_search
  pry
  pry-byebug
  pry-rescue
  puma
  rails (>= 5.2, < 6)
  rails-controller-testing
  rails_12factor
  redcarpet
  sqlite3
  turbograft
  twine-rails
  uglifier
  webmock

RUBY VERSION
   ruby 2.7.4p191

BUNDLED WITH
   2.2.20
